GEM
  remote: https://rubygems.org/
  specs:
    colorize (1.1.0)
    date (3.4.1)
    debug (1.9.2)
      irb (~> 1.10)
      reline (>= 0.3.8)
    highline (3.1.1)
      reline
    io-console (0.8.0)
    irb (1.14.2)
      rdoc (>= 4.0.0)
      reline (>= 0.4.2)
    options (2.3.2)
    ostruct (0.6.1)
    progress_bar (1.3.4)
      highline (>= 1.6)
      options (~> 2.3.0)
    psych (5.2.1)
      date
      stringio
    rdoc (6.9.0)
      psych (>= 4.0.0)
    reline (0.5.12)
      io-console (~> 0.5)
    stringio (3.1.2)

PLATFORMS
  arm64-darwin-24
  ruby

DEPENDENCIES
  colorize (~> 1)
  debug
  ostruct
  progress_bar (~> 1)

BUNDLED WITH
   2.5.16
